PATH
  remote: .
  specs:
    halton (0.2.1.3)
      rb_sys (~> 0.9.46)

GEM
  remote: https://rubygems.org/
  specs:
    power_assert (2.0.2)
    rake (13.0.6)
    rake-compiler (1.2.0)
      rake
    rb_sys (0.9.46)
    test-unit (3.5.5)
      power_assert

PLATFORMS
  ruby

DEPENDENCIES
  halton!
  rake-compiler
  test-unit

BUNDLED WITH
   2.3.26
